GEM
  remote: https://rubygems.org/
  specs:
    diff-lcs (1.2.5)
    docile (1.1.5)
    ffi (1.9.6)
    multi_json (1.10.1)
    rake (10.3.2)
    redsnow (0.3.4)
      bundler (~> 1.7.0)
      ffi (~> 1.9.3)
      rake (~> 10.3.2)
      yard (~> 0.8.7.4)
    rspec (3.2.0)
      rspec-core (~> 3.2.0)
      rspec-expectations (~> 3.2.0)
      rspec-mocks (~> 3.2.0)
    rspec-core (3.2.0)
      rspec-support (~> 3.2.0)
    rspec-expectations (3.2.0)
      diff-lcs (>= 1.2.0, < 2.0)
      rspec-support (~> 3.2.0)
    rspec-mocks (3.2.0)
      diff-lcs (>= 1.2.0, < 2.0)
      rspec-support (~> 3.2.0)
    rspec-support (3.2.1)
    simplecov (0.9.1)
      docile (~> 1.1.0)
      multi_json (~> 1.0)
      simplecov-html (~> 0.8.0)
    simplecov-html (0.8.0)
    yard (0.8.7.6)

PLATFORMS
  ruby

DEPENDENCIES
  redsnow (~> 0.3.4)
  rspec (~> 3.0)
  simplecov
